PATH
  remote: .
  specs:
    vaccine_slot_finder (0.1.4)

GEM
  remote: https://rubygems.org/
  specs:
    builder (3.2.4)
    byebug (9.1.0)
    chronic (0.10.2)
    httparty (0.18.1)
      mime-types (~> 3.0)
      multi_xml (>= 0.5.2)
    jwt (1.5.6)
    mime-types (3.3.1)
      mime-types-data (~> 3.2015)
    mime-types-data (3.2021.0225)
    multi_json (1.15.0)
    multi_xml (0.6.0)
    rake (10.5.0)
    twilio-ruby (4.13.0)
      builder (>= 2.1.2)
      jwt (~> 1.0)
      multi_json (>= 1.3.0)
    whenever (1.0.0)
      chronic (>= 0.6.3)

PLATFORMS
  ruby

DEPENDENCIES
  bundler (~> 1.15)
  byebug
  httparty (~> 0.18.1)
  rake (~> 10.0)
  twilio-ruby (= 4.13.0)
  vaccine_slot_finder!
  whenever (= 1.0.0)

BUNDLED WITH
   1.15.4
