PATH
  remote: .
  specs:
    vaccine_slot_finder (0.1.0)

GEM
  remote: https://rubygems.org/
  specs:
    byebug (9.1.0)
    httparty (0.18.1)
      mime-types (~> 3.0)
      multi_xml (>= 0.5.2)
    mime-types (3.3.1)
      mime-types-data (~> 3.2015)
    mime-types-data (3.2021.0225)
    multi_xml (0.6.0)
    rake (10.5.0)

PLATFORMS
  ruby

DEPENDENCIES
  bundler (~> 1.15)
  byebug
  httparty (~> 0.18.1)
  rake (~> 10.0)
  vaccine_slot_finder!

BUNDLED WITH
   1.15.4
